GEM
  remote: https://rubygems.org/
  specs:
    asciidoctor (1.5.5)

PLATFORMS
  ruby

DEPENDENCIES
  asciidoctor

BUNDLED WITH
   1.13.7
